PATH
  remote: .
  specs:
    jimdo-rspec-puppet-helpers (0.0.4)

GEM
  remote: https://rubygems.org/
  specs:
    diff-lcs (1.2.4)
    facter (1.7.3)
    puppet (2.7.23)
      facter (~> 1.5)
    rake (10.3.2)
    rspec (2.14.1)
      rspec-core (~> 2.14.0)
      rspec-expectations (~> 2.14.0)
      rspec-mocks (~> 2.14.0)
    rspec-core (2.14.5)
    rspec-expectations (2.14.2)
      diff-lcs (>= 1.1.3, < 2.0)
    rspec-mocks (2.14.3)

PLATFORMS
  ruby

DEPENDENCIES
  jimdo-rspec-puppet-helpers!
  puppet (~> 2.7)
  rake
  rspec
